PATH
  remote: .
  specs:
    syc-task (0.2.1)
      gli (= 2.5.4)
      rainbow (= 1.1.4)
      timeleap

GEM
  remote: https://rubygems.org/
  specs:
    activesupport (4.1.1)
      i18n (~> 0.6, >= 0.6.9)
      json (~> 1.7, >= 1.7.7)
      minitest (~> 5.1)
      thread_safe (~> 0.1)
      tzinfo (~> 1.1)
    aruba (0.5.1)
      childprocess (~> 0.3.6)
      cucumber (>= 1.1.1)
      rspec-expectations (>= 2.7.0)
    builder (3.1.4)
    childprocess (0.3.8)
      ffi (~> 1.0, >= 1.0.11)
    cucumber (1.2.1)
      builder (>= 2.1.2)
      diff-lcs (>= 1.1.3)
      gherkin (~> 2.11.0)
      json (>= 1.4.6)
    diff-lcs (1.1.3)
    ffi (1.3.1)
    gherkin (2.11.6)
      json (>= 1.7.6)
    gli (2.5.4)
    i18n (0.6.9)
    json (1.7.7)
    minitest (5.3.4)
    rainbow (1.1.4)
    rake (10.0.3)
    rdoc (3.12.1)
      json (~> 1.4)
    rspec-expectations (2.12.1)
      diff-lcs (~> 1.1.3)
    shoulda (3.5.0)
      shoulda-context (~> 1.0, >= 1.0.1)
      shoulda-matchers (>= 1.4.1, < 3.0)
    shoulda-context (1.2.1)
    shoulda-matchers (2.6.1)
      activesupport (>= 3.0.0)
    thread_safe (0.3.4)
    timeleap (0.0.1)
    tzinfo (1.2.1)
      thread_safe (~> 0.1)

PLATFORMS
  ruby

DEPENDENCIES
  aruba
  rake
  rdoc
  shoulda
  syc-task!
